GIT
  remote: git://github.com/braintree/curator.git
  revision: ea52e3798ea37d676f57c4578ea3870dfd3e336f
  specs:
    curator (0.9.0)
      activemodel (>= 3.0.0)
      activesupport (>= 3.0.0)
      json
      riak-client (>= 1.0.0)

GEM
  remote: http://rubygems.org/
  specs:
    activemodel (3.2.9)
      activesupport (= 3.2.9)
      builder (~> 3.0.0)
    activesupport (3.2.9)
      i18n (~> 0.6)
      multi_json (~> 1.0)
    beefcake (0.3.7)
    bson (1.6.0)
    bson_ext (1.6.0)
      bson (= 1.6.0)
    builder (3.0.4)
    daemons (1.1.8)
    eventmachine (0.12.10)
    faraday (0.8.4)
      multipart-post (~> 1.1)
    faraday_middleware (0.9.0)
      faraday (>= 0.7.4, < 0.9)
    hashie (1.2.0)
    httpauth (0.2.0)
    i18n (0.6.1)
    innertube (1.0.2)
    json (1.7.5)
    jwt (0.1.5)
      multi_json (>= 1.0)
    mongo (1.6.0)
      bson (= 1.6.0)
    multi_json (1.3.7)
    multipart-post (1.1.5)
    nokogiri (1.5.5)
    oauth2 (0.8.0)
      faraday (~> 0.8)
      httpauth (~> 0.1)
      jwt (~> 0.1.4)
      multi_json (~> 1.0)
      rack (~> 1.2)
    omniauth (1.1.1)
      hashie (~> 1.2)
      rack
    omniauth-appdotnet (0.0.2)
      omniauth (~> 1.0)
      omniauth-oauth2 (~> 1.0)
    omniauth-oauth2 (1.1.1)
      oauth2 (~> 0.8.0)
      omniauth (~> 1.0)
    rack (1.4.1)
    rack-protection (1.2.0)
      rack
    riak-client (1.1.0)
      beefcake (~> 0.3.7)
      builder (>= 2.1.2)
      i18n (>= 0.4.0)
      innertube (~> 1.0.2)
      multi_json (~> 1.0)
    shotgun (0.9)
      rack (>= 1.0)
    sinatra (1.3.3)
      rack (~> 1.3, >= 1.3.6)
      rack-protection (~> 1.2)
      tilt (~> 1.3, >= 1.3.3)
    sinatra-flash (0.3.0)
      sinatra (>= 1.0.0)
    slim (1.3.4)
      temple (~> 0.5.5)
      tilt (~> 1.3.3)
    temple (0.5.5)
    thin (1.5.0)
      daemons (>= 1.0.9)
      eventmachine (>= 0.12.6)
      rack (>= 1.0.0)
    tilt (1.3.3)

PLATFORMS
  ruby

DEPENDENCIES
  bson_ext (= 1.6.0)
  curator!
  faraday
  faraday_middleware
  mongo (= 1.6.0)
  nokogiri
  omniauth
  omniauth-appdotnet
  shotgun
  sinatra
  sinatra-flash
  slim
  thin
